PATH
  remote: .
  specs:
    spotify-to-mp3 (0.5.1)
      colorize
      grooveshark
      rest-client

GEM
  remote: https://rubygems.org/
  specs:
    addressable (2.3.5)
    colorize (0.5.8)
    crack (0.4.1)
      safe_yaml (~> 0.9.0)
    diff-lcs (1.2.4)
    grooveshark (0.2.8)
      json (>= 1.4.6)
      rest-client (>= 1.5.1)
      uuid (~> 2.0)
    json (1.8.0)
    macaddr (1.6.1)
      systemu (~> 2.5.0)
    mime-types (1.23)
    rake (10.1.0)
    rest-client (1.6.7)
      mime-types (>= 1.16)
    rspec (2.13.0)
      rspec-core (~> 2.13.0)
      rspec-expectations (~> 2.13.0)
      rspec-mocks (~> 2.13.0)
    rspec-core (2.13.1)
    rspec-expectations (2.13.0)
      diff-lcs (>= 1.1.3, < 2.0)
    rspec-mocks (2.13.1)
    safe_yaml (0.9.7)
    systemu (2.5.2)
    uuid (2.3.7)
      macaddr (~> 1.0)
    vcr (2.5.0)
    webmock (1.13.0)
      addressable (>= 2.2.7)
      crack (>= 0.3.2)

PLATFORMS
  ruby

DEPENDENCIES
  rake
  rspec
  spotify-to-mp3!
  vcr
  webmock
